GEM
  remote: http://rubygems.org/
  specs:
    chunky_png (1.2.1)
    cloudfiles (1.4.18)
      mime-types (>= 1.16)
    compass (0.11.5)
      chunky_png (~> 1.2)
      fssm (>= 0.2.7)
      sass (~> 3.1)
    fssm (0.2.7)
    mime-types (1.17.2)
    sass (3.1.7)
    smart_asset (0.5.4)

PLATFORMS
  ruby
  x86-mingw32

DEPENDENCIES
  cloudfiles
  compass (>= 0.11.1)
  smart_asset
