GEM
  remote: http://rubygems.org/
  specs:
    aproxacs-s3sync (1.3.6)
    chunky_png (1.2.1)
    compass (0.11.5)
      chunky_png (~> 1.2)
      fssm (>= 0.2.7)
      sass (~> 3.1)
    fssm (0.2.7)
    sass (3.1.7)
    smart_asset (0.5.4)

PLATFORMS
  ruby
  x86-mingw32

DEPENDENCIES
  aproxacs-s3sync
  compass (>= 0.11.1)
  smart_asset
